GEM
  remote: http://rubygems.org/
  remote: http://gems.github.com/
  specs:
    configuration (1.3.1)
    foreman (0.18.0)
      term-ansicolor (~> 1.0.5)
      thor (>= 0.13.6)
    heroku (2.3.3)
      launchy (>= 0.3.2)
      rest-client (~> 1.6.1)
      term-ansicolor (~> 1.0.5)
    launchy (0.4.0)
      configuration (>= 0.0.5)
      rake (>= 0.8.1)
    mime-types (1.16)
    rake (0.9.2)
    rest-client (1.6.3)
      mime-types (>= 1.16)
    term-ansicolor (1.0.5)
    thor (0.14.6)

PLATFORMS
  ruby

DEPENDENCIES
  foreman
  heroku
